GEM
  remote: https://rubygems.org/
  specs:
    babl (0.5.1)
      multi_json (~> 1.11)
      quartz (~> 0.3)
    multi_json (1.12.1)
    quartz (0.3.0)
    rack (1.6.4)
    rack-protection (1.5.3)
      rack
    sinatra (1.4.7)
      rack (~> 1.5)
      rack-protection (~> 1.4)
      tilt (>= 1.3, < 3)
    tilt (2.0.5)

PLATFORMS
  ruby

DEPENDENCIES
  babl (= 0.5.1)
  sinatra

RUBY VERSION
   ruby 2.3.1p112

BUNDLED WITH
   1.12.5
